GEM
  remote: https://rubygems.org/
  specs:
    find (0.1.1)
    kinetic_sdk (5.0.21)
      mime-types (>= 3.3.1)
      multipart-post (= 2.0.0)
      slugify (= 1.0.7)
    mime-types (3.4.1)
      mime-types-data (~> 3.2015)
    mime-types-data (3.2023.0218.1)
    multipart-post (2.0.0)
    rexml (3.2.5)
    slugify (1.0.7)

PLATFORMS
  java
  ruby
  x64-mingw32

DEPENDENCIES
  find (~> 0.1.1)
  kinetic_sdk (= 5.0.21)
  rexml (~> 3.2, >= 3.2.5)

BUNDLED WITH
   2.2.5
