GEM
  remote: https://rubygems.org/
  specs:
    kinetic_sdk (5.0.26)
      mime-types (>= 3.3.1)
      multipart-post (= 2.0.0)
      slugify (= 1.0.7)
    mime-types (3.5.2)
      mime-types-data (~> 3.2015)
    mime-types-data (3.2024.0305)
    multipart-post (2.0.0)
    slugify (1.0.7)

PLATFORMS
  java
  ruby
  x64-mingw32

DEPENDENCIES
  kinetic_sdk (= 5.0.26)

BUNDLED WITH
   2.2.5
