GEM
  remote: https://rubygems.org/
  specs:
    find (0.1.1)
    json (2.6.3)
    json (2.6.3-java)
    kinetic_sdk (5.0.22)
      mime-types (>= 3.3.1)
      multipart-post (= 2.0.0)
      slugify (= 1.0.7)
    logger (1.5.3)
    mime-types (3.5.1)
      mime-types-data (~> 3.2015)
    mime-types-data (3.2023.0808)
    multipart-post (2.0.0)
    optparse (0.3.1)
    rexml (3.2.5)
    slugify (1.0.7)

PLATFORMS
  java
  ruby
  x64-mingw32

DEPENDENCIES
  find (~> 0.1.1)
  json (~> 2.6.3)
  kinetic_sdk (= 5.0.22)
  logger (~> 1.5.2)
  optparse (~> 0.3.1)
  rexml (~> 3.2, >= 3.2.5)

BUNDLED WITH
   2.2.5
